GEM
  remote: https://rubygems.org/
  specs:
    actionmailer (4.0.2)
      actionpack (= 4.0.2)
      mail (~> 2.5.4)
    actionpack (4.0.2)
      activesupport (= 4.0.2)
      builder (~> 3.1.0)
      erubis (~> 2.7.0)
      rack (~> 1.5.2)
      rack-test (~> 0.6.2)
    actionpack-page_caching (1.0.2)
      actionpack (>= 4.0.0, < 5)
    activemodel (4.0.2)
      activesupport (= 4.0.2)
      builder (~> 3.1.0)
    activerecord (4.0.2)
      activemodel (= 4.0.2)
      activerecord-deprecated_finders (~> 1.0.2)
      activesupport (= 4.0.2)
      arel (~> 4.0.0)
    activerecord-deprecated_finders (1.0.3)
    activerecord-jdbc-adapter (1.3.5)
      activerecord (>= 2.2)
    activerecord-jdbcpostgresql-adapter (1.3.5)
      activerecord-jdbc-adapter (~> 1.3.5)
      jdbc-postgres (>= 9.1)
    activesupport (4.0.2)
      i18n (~> 0.6, >= 0.6.4)
      minitest (~> 4.2)
      multi_json (~> 1.3)
      thread_safe (~> 0.1)
      tzinfo (~> 0.3.37)
    acts_as_versioned_rails3 (0.6.2)
      activerecord (>= 3.0.9)
    addressable (2.3.5)
    arel (4.0.1)
    atomic (1.1.14)
    atomic (1.1.14-java)
    builder (3.1.4)
    cache_digests (0.3.1)
      actionpack (>= 3.2)
      thread_safe
    daemons (1.1.9)
    dalli (2.7.0)
    diff-lcs (1.2.5)
    erubis (2.7.0)
    eventmachine (1.0.3-x86-mingw32)
    exception_notification (4.0.1)
      actionmailer (>= 3.0.4)
      activesupport (>= 3.0.4)
    execjs (2.0.2)
    geoip (1.3.5)
    hike (1.2.3)
    i18n (0.6.9)
    i18n-js (2.1.2)
      i18n
    jbuilder (2.0.2)
      activesupport (>= 3.0.0)
      multi_json (>= 1.2.0)
    jdbc-postgres (9.3.1100)
    jquery-rails (3.0.4)
      railties (>= 3.0, < 5.0)
      thor (>= 0.14, < 2.0)
    jquery-ui-rails (4.1.1)
      railties (>= 3.1.0)
    json (1.8.1)
    json (1.8.1-java)
    kgio (2.8.1)
    mail (2.5.4)
      mime-types (~> 1.16)
      treetop (~> 1.4.8)
    mime-types (1.25.1)
    mini_magick (3.7.0)
      subexec (~> 0.2.1)
    mini_portile (0.5.2)
    minitest (4.7.5)
    multi_json (1.8.4)
    newrelic_rpm (3.7.1.188)
    nokogiri (1.6.1)
      mini_portile (~> 0.5.0)
    nokogiri (1.6.1-java)
      mini_portile (~> 0.5.0)
    nokogiri (1.6.1-x86-mingw32)
      mini_portile (~> 0.5.0)
    oj (2.5.4)
    pg (0.17.1)
    pg (0.17.1-x86-mingw32)
    polyglot (0.3.3)
    protected_attributes (1.0.5)
      activemodel (>= 4.0.1, < 5.0)
    puma (2.7.1)
      rack (>= 1.1, < 2.0)
    puma (2.7.1-java)
      rack (>= 1.1, < 2.0)
    quiet_assets (1.0.2)
      railties (>= 3.1, < 5.0)
    rack (1.5.2)
    rack-mini-profiler (0.9.0)
      rack (>= 1.1.3)
    rack-test (0.6.2)
      rack (>= 1.0)
    rails (4.0.2)
      actionmailer (= 4.0.2)
      actionpack (= 4.0.2)
      activerecord (= 4.0.2)
      activesupport (= 4.0.2)
      bundler (>= 1.3.0, < 2.0)
      railties (= 4.0.2)
      sprockets-rails (~> 2.0.0)
    rails-i18n (4.0.1)
      i18n (~> 0.6)
      rails (~> 4.0)
    rails-observers (0.1.2)
      activemodel (~> 4.0)
    railties (4.0.2)
      actionpack (= 4.0.2)
      activesupport (= 4.0.2)
      rake (>= 0.8.7)
      thor (>= 0.18.1, < 2.0)
    raindrops (0.12.0)
    rake (10.1.1)
    rspec-core (2.14.7)
    rspec-expectations (2.14.4)
      diff-lcs (>= 1.1.3, < 2.0)
    rspec-mocks (2.14.4)
    rspec-rails (2.14.1)
      actionpack (>= 3.0)
      activemodel (>= 3.0)
      activesupport (>= 3.0)
      railties (>= 3.0)
      rspec-core (~> 2.14.0)
      rspec-expectations (~> 2.14.0)
      rspec-mocks (~> 2.14.0)
    sass (3.2.13)
    sass-rails (4.0.1)
      railties (>= 4.0.0, < 5.0)
      sass (>= 3.1.10)
      sprockets-rails (~> 2.0.0)
    sitemap_generator (4.3.1)
      builder
    sprockets (2.10.1)
      hike (~> 1.2)
      multi_json (~> 1.0)
      rack (~> 1.0)
      tilt (~> 1.1, != 1.3.0)
    sprockets-rails (2.0.1)
      actionpack (>= 3.0)
      activesupport (>= 3.0)
      sprockets (~> 2.8)
    subexec (0.2.3)
    thin (1.6.1)
      daemons (>= 1.0.9)
      eventmachine (>= 1.0.0)
      rack (>= 1.0.0)
    thor (0.18.1)
    thread_safe (0.1.3)
      atomic
    thread_safe (0.1.3-java)
      atomic
    tilt (1.4.1)
    treetop (1.4.15)
      polyglot
      polyglot (>= 0.3.1)
    tzinfo (0.3.38)
    uglifier (2.4.0)
      execjs (>= 0.3.0)
      json (>= 1.8.0)
    unicorn (4.8.0)
      kgio (~> 2.6)
      rack
      raindrops (~> 0.7)
    unicorn-worker-killer (0.4.2)
      unicorn (~> 4)
    will-paginate-i18n (0.1.14)
    will_paginate (3.0.5)

PLATFORMS
  java
  ruby
  x86-mingw32

DEPENDENCIES
  actionpack-page_caching
  activerecord-jdbcpostgresql-adapter (~> 1.3.0.rc1)
  acts_as_versioned_rails3
  addressable
  cache_digests
  daemons
  dalli
  diff-lcs
  exception_notification
  geoip
  i18n-js
  jbuilder
  jquery-rails
  jquery-ui-rails
  json
  mini_magick
  multi_json
  newrelic_rpm
  nokogiri
  oj
  pg
  protected_attributes
  puma
  quiet_assets
  rack-mini-profiler
  rails (~> 4.0.0)
  rails-i18n
  rails-observers
  rspec-rails
  sass-rails
  sitemap_generator
  thin
  uglifier
  unicorn
  unicorn-worker-killer
  will-paginate-i18n
  will_paginate
